PATH
  remote: .
  specs:
    apn_on_rails (0.5.1)
      actionpack
      activerecord
      configatron

GEM
  remote: http://rubygems.org/
  specs:
    ZenTest (4.9.0)
    actionpack (3.2.12)
      activemodel (= 3.2.12)
      activesupport (= 3.2.12)
      builder (~> 3.0.0)
      erubis (~> 2.7.0)
      journey (~> 1.0.4)
      rack (~> 1.4.5)
      rack-cache (~> 1.2)
      rack-test (~> 0.6.1)
      sprockets (~> 2.2.1)
    activemodel (3.2.12)
      activesupport (= 3.2.12)
      builder (~> 3.0.0)
    activerecord (3.2.12)
      activemodel (= 3.2.12)
      activesupport (= 3.2.12)
      arel (~> 3.0.2)
      tzinfo (~> 0.3.29)
    activesupport (3.2.12)
      i18n (~> 0.6)
      multi_json (~> 1.0)
    arel (3.0.2)
    autotest (4.4.6)
      ZenTest (>= 4.4.1)
    builder (3.0.4)
    configatron (2.10.0)
      yamler (>= 0.1.0)
    diff-lcs (1.2.1)
    erubis (2.7.0)
    hike (1.2.1)
    i18n (0.6.4)
    journey (1.0.4)
    multi_json (1.6.1)
    rack (1.4.5)
    rack-cache (1.2)
      rack (>= 0.4)
    rack-test (0.6.2)
      rack (>= 1.0)
    rake (10.0.3)
    rspec (2.13.0)
      rspec-core (~> 2.13.0)
      rspec-expectations (~> 2.13.0)
      rspec-mocks (~> 2.13.0)
    rspec-core (2.13.0)
    rspec-expectations (2.13.0)
      diff-lcs (>= 1.1.3, < 2.0)
    rspec-mocks (2.13.0)
    sprockets (2.2.2)
      hike (~> 1.2)
      multi_json (~> 1.0)
      rack (~> 1.0)
      tilt (~> 1.1, != 1.3.0)
    sqlite3 (1.3.7)
    tilt (1.3.4)
    tzinfo (0.3.35)
    yamler (0.1.0)

PLATFORMS
  ruby

DEPENDENCIES
  apn_on_rails!
  autotest
  bundler
  rake
  rspec
  sqlite3
